GEM
  remote: https://rubygems.org/
  specs:
    citrus (3.0.2)
    enolib (0.8.1)
    enotype (0.3.1)
    parslet (2.0.0)
    toml (0.3.0)
      parslet (>= 1.8.0, < 3.0.0)
    toml-rb (2.1.2)
      citrus (~> 3.0, > 3.0)
    tomlrb (2.0.1)

PLATFORMS
  ruby

DEPENDENCIES
  enolib
  enotype
  toml
  toml-rb
  tomlrb

BUNDLED WITH
   2.3.10
