GEM
  remote: https://rubygems.org/
  specs:
    citrus (3.0.2)
    enolib (0.5.0)
    parslet (1.8.2)
    toml (0.2.0)
      parslet (~> 1.8.0)
    toml-rb (1.1.2)
      citrus (~> 3.0, > 3.0)
    tomlrb (1.2.8)

PLATFORMS
  ruby

DEPENDENCIES
  enolib
  toml
  toml-rb
  tomlrb

BUNDLED WITH
   2.0.1
