GEM
  remote: https://rubygems.org/
  specs:
    citrus (3.0.2)
    enorb (0.10.3)
    parslet (1.8.2)
    toml (0.2.0)
      parslet (~> 1.8.0)
    toml-rb (1.1.2)
      citrus (~> 3.0, > 3.0)
    tomlrb (1.2.8)

PLATFORMS
  ruby

DEPENDENCIES
  enorb
  toml
  toml-rb
  tomlrb

BUNDLED WITH
   1.16.6
